PATH
  remote: .
  specs:
    atomic-red-team (1.0)

GEM
  specs:

PLATFORMS
  ruby

DEPENDENCIES
  atomic-red-team!

BUNDLED WITH
   1.13.7
